GEM
  remote: https://rubygems.org/
  specs:
    diff-lcs (1.4.4)
    power_assert (2.0.0)
    rake (13.0.3)
    rspec-expectations (3.10.1)
      diff-lcs (>= 1.2.0, < 2.0)
      rspec-support (~> 3.10.0)
    rspec-support (3.10.2)
    ruby-debug-ide (0.7.2)
      rake (>= 0.8.1)
    test-unit (3.4.1)
      power_assert

PLATFORMS
  x86_64-darwin-20

DEPENDENCIES
  rspec-expectations
  ruby-debug-ide
  test-unit

BUNDLED WITH
   2.2.8
